GEM
  remote: https://rubygems.org/
  specs:
    nio4r (2.7.4)
    puma (7.0.0)
      nio4r (~> 2.0)
    rack (3.2.1)

PLATFORMS
  ruby
  x86_64-darwin-19
  x86_64-linux

DEPENDENCIES
  puma
  rack

RUBY VERSION
   ruby 3.1.2p20

BUNDLED WITH
   2.6.9
